GEM
  remote: https://rubygems.org/
  specs:
    OptionParser (0.5.1)
    concurrent-ruby (1.0.5)
    diff-lcs (1.3)
    ffi (1.9.25)
    iostreams (0.14.0)
      concurrent-ruby
    rb-inotify (0.9.10)
      ffi (>= 0.5.0, < 2)
    rspec (3.8.0)
      rspec-core (~> 3.8.0)
      rspec-expectations (~> 3.8.0)
      rspec-mocks (~> 3.8.0)
    rspec-core (3.8.0)
      rspec-support (~> 3.8.0)
    rspec-expectations (3.8.1)
      diff-lcs (>= 1.2.0, < 2.0)
      rspec-support (~> 3.8.0)
    rspec-mocks (3.8.0)
      diff-lcs (>= 1.2.0, < 2.0)
      rspec-support (~> 3.8.0)
    rspec-support (3.8.0)

PLATFORMS
  ruby

DEPENDENCIES
  OptionParser
  iostreams
  rb-inotify
  rspec

BUNDLED WITH
   1.16.4
